GEM
  remote: https://rubygems.org/
  specs:
    addressable (2.2.6)
    dotenv (1.0.2)
    faraday (0.7.5)
      addressable (~> 2.2.6)
      multipart-post (~> 1.1.3)
      rack (>= 1.1.0, < 2)
    foreman (0.76.0)
      dotenv (~> 1.0.2)
      thor (~> 0.19.1)
    instrumental_agent (0.8.2)
    kgio (2.9.2)
    multipart-post (1.1.4)
    rack (1.6.13)
    rack-protection (1.1.4)
      rack
    raindrops (0.13.0)
    rmagick (2.13.4)
    sinatra (1.3.1)
      rack (~> 1.3, >= 1.3.4)
      rack-protection (~> 1.1, >= 1.1.2)
      tilt (~> 1.3, >= 1.3.3)
    thor (0.19.1)
    tilt (1.3.3)
    unicorn (4.8.3)
      kgio (~> 2.6)
      rack
      raindrops (~> 0.7)

PLATFORMS
  ruby

DEPENDENCIES
  faraday
  foreman
  instrumental_agent
  rmagick
  sinatra
  unicorn
